GEM
  remote: https://rubygems.org/
  specs:
    bson (4.3.0)
    bson_ext (1.5.1)
    json (2.1.0)
    mongo (2.5.1)
      bson (>= 4.3.0, < 5.0.0)
    mustermann (1.0.2)
    power_assert (1.1.1)
    rack (2.0.4)
    rack-protection (2.0.1)
      rack
    rack-test (1.0.0)
      rack (>= 1.0, < 3)
    sinatra (2.0.1)
      mustermann (~> 1.0)
      rack (~> 2.0)
      rack-protection (= 2.0.1)
      tilt (~> 2.0)
    test-unit (3.2.7)
      power_assert
    tilt (2.0.8)

PLATFORMS
  ruby

DEPENDENCIES
  bson_ext
  json
  mongo
  rack-test
  sinatra
  test-unit

BUNDLED WITH
   1.16.1
