GEM
  remote: https://rubygems.org/
  specs:
    bson (1.11.1)
    bson_ext (1.11.1)
      bson (~> 1.11.1)
    json (1.8.1)
    mongo (1.11.1)
      bson (= 1.11.1)
    rack (1.5.2)
    rack-protection (1.5.3)
      rack
    rack-test (0.6.2)
      rack (>= 1.0)
    sinatra (1.4.5)
      rack (~> 1.4)
      rack-protection (~> 1.4)
      tilt (~> 1.3, >= 1.3.4)
    tilt (1.4.1)

PLATFORMS
  ruby

DEPENDENCIES
  bson_ext
  json
  mongo
  rack-test
  sinatra
